GIT
  remote: https://github.com/HashNuke/mailgun.git
  revision: 37e4c2cd4195f225616ba6c96e5c14cf56da6dfd
  specs:
    mailgun (0.7)
      multimap
      rest-client

GEM
  remote: https://rubygems.org/
  specs:
    mime-types (2.2)
    mini_portile (0.5.2)
    multimap (1.1.2)
    nokogiri (1.6.1)
      mini_portile (~> 0.5.0)
    rest-client (1.6.7)
      mime-types (>= 1.16)

PLATFORMS
  ruby

DEPENDENCIES
  mailgun!
  nokogiri
